NUGET
  remote: https://www.nuget.org/api/v2
    FAKE (4.0.3)
    Fantomas (1.10)
      FSharp.Compiler.Service (>= 1.4.0.1)
    FSharp.Compiler.Service (1.4.0.1)
    FSharp.Core (4.0.0.1)
    FSharp.Quotations.Evaluator (1.0.6)
    FsPickler (1.2.23)
    FsUnit (1.3.0.1)
      NUnit (>= 2.6.3)
    NuGet.CommandLine (2.8.6)
    NUnit (2.6.3)
    NUnit.Runners (2.6.4)
    NUnitTestAdapter (2.0)
    Unquote (2.2.2)
    Yaaf.FSharp.Scripting (1.1.12)
      FSharp.Compiler.Service (>= 0.0.89)
      FSharp.Core (>= 3.1.2.1)
